GIT
  remote: https://github.com/Xalgorithms/lib-rules-parse-ruby.git
  revision: b1721c39296836dd70602b8f963482a1b6dc3e9b
  specs:
    xa-rules (0.4.0)
      parslet

GEM
  remote: https://rubygems.org/
  specs:
    mustermann (1.1.1)
      ruby2_keywords (~> 0.0.1)
    parslet (2.0.0)
    rack (2.2.2)
    rack-protection (2.0.8.1)
      rack
    ruby2_keywords (0.0.2)
    sinatra (2.0.8.1)
      mustermann (~> 1.0)
      rack (~> 2.0)
      rack-protection (= 2.0.8.1)
      tilt (~> 2.0)
    tilt (2.0.10)

PLATFORMS
  x64-mingw32

DEPENDENCIES
  sinatra
  xa-rules!

RUBY VERSION
   ruby 2.7.1p83

BUNDLED WITH
   2.1.4
